GEM
  remote: http://rubygems.org/
  specs:
    activesupport (3.1.3)
      multi_json (~> 1.0)
    chunky_png (1.2.5)
    coffee-script (2.2.0)
      coffee-script-source
      execjs
    coffee-script-source (1.2.0)
    compass (0.11.7)
      chunky_png (~> 1.2)
      fssm (>= 0.2.7)
      sass (~> 3.1)
    compass-susy-plugin (0.9)
      compass (>= 0.11.1)
    execjs (1.2.13)
      multi_json (~> 1.0)
    fssm (0.2.8.1)
    haml (3.1.4)
    hike (1.2.1)
    httpclient (2.2.4)
    json (1.6.5)
    middleman (3.0.0.beta.1)
      middleman-core (= 3.0.0.beta.1)
      middleman-more (= 3.0.0.beta.1)
    middleman-core (3.0.0.beta.1)
      activesupport (~> 3.1.0)
      fssm (~> 0.2.7)
      rack (~> 1.3.5)
      rack-test (~> 0.6.1)
      thor (~> 0.14.0)
      tilt (~> 1.3.1)
    middleman-more (3.0.0.beta.1)
      coffee-script (~> 2.2.0)
      compass (~> 0.11.3)
      execjs (~> 1.2.7)
      haml (~> 3.1.0)
      middleman-core (= 3.0.0.beta.1)
      redcarpet (~> 2.0.0)
      sass (~> 3.2.0.alpha.101)
      sprockets (~> 2.1.0)
      sprockets-sass (~> 0.6.0)
      uglifier (~> 1.2.0)
    middleman-smusher (0.0.1)
      smusher (~> 0.4.6)
    multi_json (1.0.4)
    rack (1.3.6)
    rack-test (0.6.1)
      rack (>= 1.0)
    rake (0.9.2.2)
    redcarpet (2.0.1)
    sass (3.2.0.alpha.101)
    smusher (0.4.9)
      httpclient (>= 2.2)
      json
      rake
    sprockets (2.1.2)
      hike (~> 1.2)
      rack (~> 1.0)
      tilt (~> 1.1, != 1.3.0)
    sprockets-sass (0.6.0)
      sprockets (~> 2.0)
      tilt (~> 1.1)
    thor (0.14.6)
    tilt (1.3.3)
    uglifier (1.2.3)
      execjs (>= 0.3.0)
      multi_json (>= 1.0.2)

PLATFORMS
  ruby

DEPENDENCIES
  compass-susy-plugin
  middleman (~> 3.0.0.beta.1)
  middleman-smusher
  sass (~> 3.2.0.alpha.101)
